PATH
  remote: .
  specs:
    synthetic-data (0.1.0)
      faker (~> 2.2)
      json (~> 2.2)

GEM
  remote: https://rubygems.org/
  specs:
    concurrent-ruby (1.1.5)
    faker (2.2.1)
      i18n (>= 0.8)
    i18n (1.6.0)
      concurrent-ruby (~> 1.0)
    json (2.3.1)
    rake (10.4.2)

PLATFORMS
  ruby

DEPENDENCIES
  bundler (~> 2.0)
  rake (~> 10.0)
  synthetic-data!

BUNDLED WITH
   2.0.1
